GEM
  specs:
    humanize (1.1.2)

PLATFORMS
  ruby

DEPENDENCIES
  humanize

BUNDLED WITH
   1.12.4
